GEM
  remote: https://rubygems.org/
  specs:
    curb (0.8.8)
    mini_portile2 (2.0.0)
    mysql2 (0.4.2)
    nokogiri (1.6.7)
      mini_portile2 (~> 2.0.0.rc2)
    sequel (4.29.0)

PLATFORMS
  ruby

DEPENDENCIES
  curb
  mysql2
  nokogiri
  sequel

BUNDLED WITH
   1.10.6
